GEM
  remote: http://rubygems.org/
  specs:
    addressable (2.2.7)
    chunky_png (1.2.5)
    compass (0.11.7)
      chunky_png (~> 1.2)
      fssm (>= 0.2.7)
      sass (~> 3.1)
    crack (0.1.8)
    faraday (0.7.6)
      addressable (~> 2.2)
      multipart-post (~> 1.1)
      rack (~> 1.1)
    fssm (0.2.8.1)
    grid-coordinates (1.1.9)
      compass (>= 0.11.5)
    haml (3.1.4)
    httparty (0.7.8)
      crack (= 0.1.8)
    json_pure (1.6.6)
    koala (1.3.0)
      faraday (~> 0.7.0)
      multi_json (~> 1.0)
    maruku (0.6.0)
      syntax (>= 1.0.0)
    multi_json (1.0.3)
    multipart-post (1.1.5)
    rack (1.4.0)
    rake (0.9.2.2)
    sass (3.1.15)
    shotgun (0.9)
      rack (>= 1.0)
    sinatra (1.2.6)
      rack (~> 1.1)
      tilt (>= 1.2.2, < 2.0)
    syntax (1.0.0)
    tilt (1.3.3)

PLATFORMS
  ruby

DEPENDENCIES
  compass (~> 0.11.6)
  grid-coordinates (~> 1.1.4)
  haml (~> 3.1.4)
  httparty
  json_pure
  koala
  maruku
  rake
  sass (~> 3.1.12)
  shotgun (~> 0.9)
  sinatra (~> 1.2.3)
